GEM
  remote: https://rubygems.org/
  specs:
    pdf-core (0.7.0)
    prawn (2.2.2)
      pdf-core (~> 0.7.0)
      ttfunk (~> 1.5)
    puma (3.12.0)
    rack (2.0.5)
    roda (3.11.0)
      rack
    rubyzip (1.2.2)
    slim (4.0.1)
      temple (>= 0.7.6, < 0.9)
      tilt (>= 2.0.6, < 2.1)
    temple (0.8.0)
    tilt (2.0.8)
    ttfunk (1.5.1)

PLATFORMS
  ruby

DEPENDENCIES
  prawn
  puma
  roda
  rubyzip
  slim

RUBY VERSION
   ruby 2.5.1p57

BUNDLED WITH
   1.16.4
